GEM
  remote: https://rubygems.org/
  specs:
    gli (2.13.4)
    imuzer (0.0.4)
      gli (= 2.13.4)
      json (~> 1.8.3)
      methadone (~> 1.9.2)
      rainbow (~> 2.1.0)
    json (1.8.6)
    methadone (1.9.5)
      bundler
    rainbow (2.1.0)

PLATFORMS
  ruby

DEPENDENCIES
  imuzer

BUNDLED WITH
   1.15.4
